GIT
  remote: git://github.com/adambeynon/opal-router.git
  revision: bc8c242510794ecbb842b52423732f2ec55c2a1e
  specs:
    opal-router (0.0.1)
      opal (>= 0.3.44)

GIT
  remote: git://github.com/opal/opal-haml.git
  revision: 3f25d39ce9063ee9df0d72d58777a2bfee9452ce
  specs:
    opal-haml (0.4.6)
      haml
      opal (>= 0.10, < 2)
      opal-sprockets (~> 0.4.1)

GIT
  remote: git://github.com/youchan/opal-websocket.git
  revision: 03dc38d26de66cc6a0ec329c7546735949f292bd
  specs:
    opal-websocket (0.1.0)

GEM
  remote: https://rubygems.org/
  specs:
    addressable (2.8.0)
      public_suffix (>= 2.0.2, < 5.0)
    ast (2.4.0)
    backports (3.15.0)
    concurrent-ruby (1.1.5)
    daemons (1.3.1)
    em-websocket (0.3.8)
      addressable (>= 2.1.1)
      eventmachine (>= 0.12.9)
    eventmachine (1.2.7)
    ffi (1.11.1)
    gibier (0.8.17)
      eventmachine
      haml
      listen (~> 3.1)
      opal
      rack (~> 1.6)
      redcarpet
      rouge (~> 1.10)
      sass
      sinatra
      sinatra-contrib
      sinatra-websocket
      thin
      thor
      unindent
    haml (5.1.1)
      temple (>= 0.8.0)
      tilt
    hyalite (0.3.2)
      opal
    listen (3.1.5)
      rb-fsevent (~> 0.9, >= 0.9.4)
      rb-inotify (~> 0.9, >= 0.9.7)
      ruby_dep (~> 1.2)
    multi_json (1.13.1)
    opal (1.0.0)
      ast (>= 2.3.0)
      parser (= 2.5.3.0)
    opal-sprockets (0.4.6.1.0.3.7)
      opal (~> 1.0.0)
      sprockets (~> 3.7)
      tilt (>= 1.4)
    parser (2.5.3.0)
      ast (~> 2.4.0)
    public_suffix (4.0.6)
    rack (1.6.12)
    rack-protection (1.5.5)
      rack
    rack-test (1.1.0)
      rack (>= 1.0, < 3)
    rb-fsevent (0.10.3)
    rb-inotify (0.10.0)
      ffi (~> 1.0)
    redcarpet (3.5.0)
    rouge (1.11.1)
    ruby_dep (1.5.0)
    sass (3.7.4)
      sass-listen (~> 4.0.0)
    sass-listen (4.0.0)
      rb-fsevent (~> 0.9, >= 0.9.4)
      rb-inotify (~> 0.9, >= 0.9.7)
    sinatra (1.4.8)
      rack (~> 1.5)
      rack-protection (~> 1.4)
      tilt (>= 1.3, < 3)
    sinatra-contrib (1.4.7)
      backports (>= 2.0)
      multi_json
      rack-protection
      rack-test
      sinatra (~> 1.4.0)
      tilt (>= 1.3, < 3)
    sinatra-websocket (0.3.1)
      em-websocket (~> 0.3.6)
      eventmachine
      thin (>= 1.3.1, < 2.0.0)
    sprockets (3.7.2)
      concurrent-ruby (~> 1.0)
      rack (> 1, < 3)
    temple (0.8.1)
    thin (1.7.2)
      daemons (~> 1.0, >= 1.0.9)
      eventmachine (~> 1.0, >= 1.0.4)
      rack (>= 1, < 3)
    thor (0.20.3)
    tilt (2.0.9)
    unindent (1.0)

PLATFORMS
  ruby

DEPENDENCIES
  gibier
  hyalite
  opal-haml!
  opal-router!
  opal-websocket!

BUNDLED WITH
   1.17.2
